PATH
  remote: .
  specs:
    mongoid_search (0.2.4)
      bson_ext (~> 1.2)
      fast-stemmer (~> 1.0.0)
      mongoid (~> 2.0.0)

GEM
  remote: http://rubygems.org/
  specs:
    activemodel (3.0.5)
      activesupport (= 3.0.5)
      builder (~> 2.1.2)
      i18n (~> 0.4)
    activesupport (3.0.5)
    bson (1.3.0)
    bson_ext (1.3.0)
    builder (2.1.2)
    database_cleaner (0.6.6)
    diff-lcs (1.1.2)
    fast-stemmer (1.0.0)
    i18n (0.5.0)
    mongo (1.3.0)
      bson (>= 1.3.0)
    mongoid (2.0.1)
      activemodel (~> 3.0)
      mongo (~> 1.3)
      tzinfo (~> 0.3.22)
      will_paginate (~> 3.0.pre)
    rake (0.8.7)
    rspec (2.5.0)
      rspec-core (~> 2.5.0)
      rspec-expectations (~> 2.5.0)
      rspec-mocks (~> 2.5.0)
    rspec-core (2.5.1)
    rspec-expectations (2.5.0)
      diff-lcs (~> 1.1.2)
    rspec-mocks (2.5.0)
    tzinfo (0.3.26)
    will_paginate (3.0.pre2)

PLATFORMS
  ruby

DEPENDENCIES
  database_cleaner (~> 0.6.4)
  mongoid_search!
  rake (= 0.8.7)
  rspec (~> 2.4)
